REFERENCES: STRICT
COPY-LOCAL: FALSE
RESTRICTION: == net461
NUGET
  remote: https://www.nuget.org/api/v2
    FSharp.Compiler.Service (29.0)
      FSharp.Core (>= 4.6.2)
      System.Collections.Immutable (>= 1.5)
      System.Reflection.Metadata (>= 1.6)
      System.ValueTuple (>= 4.4)
    FSharp.Core (4.6.2)
    System.Collections.Immutable (1.5)
    System.Reflection.Metadata (1.6)
      System.Collections.Immutable (>= 1.5)
    System.ValueTuple (4.5)
